PATH
  remote: .
  specs:
    my_ruby_ext (0.0.1)

GEM
  remote: https://rubygems.org/
  specs:
    minitest (5.14.4)
    rake (13.0.3)
    rake-compiler (1.1.1)
      rake

PLATFORMS
  ruby

DEPENDENCIES
  bundler (~> 2.2.15)
  minitest (~> 5.14.4)
  my_ruby_ext!
  rake (~> 13.0.3)
  rake-compiler (~> 1.1.1)

BUNDLED WITH
   2.2.15
