GEM
  remote: https://rubygems.org/
  specs:
    minitest (5.11.3)
    rake (12.3.3)
    rake-compiler (1.0.7)
      rake

PLATFORMS
  ruby

DEPENDENCIES
  minitest (~> 5.11.3)
  rake-compiler (~> 1.0.7)

BUNDLED WITH
   2.0.2
